GEM
GEM
  remote: https://rubygems.org/
  specs:
    jekyll (4.2.2)
      addressable (~> 2.8)
      bundler (>= 1.3.0)
      colorator (>= 1.0.0)
      concurrent-ruby (~> 1.0)
      exifr (>= 1.0.2)
      frontmatter (~> 2.0)
      jekyll-feed (>= 0.10.0)
      jekyll-paginate (>= 1.1.0)
      kramdown (~> 2.3)
      liquid (~> 4.0)
      mercenary (~> 0.3.6)
      pathutil (~> 0.16)
      rouge (~> 3.26)
      safe_yaml (~> 1.0)
      sassc (~> 2.4)
      webrick (>= 1.4.2)
    jekyll-feed (0.15.0)
      jekyll (>= 3.3, < 5.0)
    jekyll-paginate (1.1.0)
      jekyll (>= 3.0, < 5.0)
    sassc (2.4.0)
      ffi (~> 1.15)
    minima (2.5.1)
      jekyll (>= 3.6, < 5.0)
    rouge (3.26.0)
    webrick (1.7.0)

PLATFORMS
  ruby

DEPENDENCIES
  jekyll (~> 4.2.2)
  jekyll-feed
  jekyll-paginate
  minima
  sassc

BUNDLED WITH
   2.3.14